PATH
  remote: .
  specs:
    cinch-memo (0.1.2)
      cinch (~> 1.1.1)
      json
      redis
      redis-namespace

GEM
  remote: http://rubygems.org/
  specs:
    cinch (1.1.3)
    json (1.5.4)
    mocha (0.9.10)
      rake
    rake (0.8.7)
    redis (2.2.2)
    redis-namespace (1.1.0)
      redis (< 3.0.0)
    riot (0.12.1)
      rr
      term-ansicolor
    rr (1.0.2)
    term-ansicolor (1.0.5)
    timecop (0.3.5)

PLATFORMS
  ruby

DEPENDENCIES
  cinch-memo!
  mocha (~> 0.9.10)
  riot (~> 0.12.0)
  timecop (~> 0.3.5)
